GEM
  remote: https://rubygems.org/
  specs:
    curses (1.0.1)
    gentle_brute (0.0.2)
    minitest (5.7.0)
    slop (4.1.0)

PLATFORMS
  ruby

DEPENDENCIES
  curses
  gentle_brute
  minitest
  slop
